PATH
  remote: .
  specs:
    smart_proxy_proxy_wol (0.1)

GEM
  remote: https://rubygems.org/
  specs:
    metaclass (0.0.4)
    mocha (1.5.0)
      metaclass (~> 0.0.1)
    power_assert (1.1.1)
    rake (12.3.1)
    test-unit (3.2.8)
      power_assert

PLATFORMS
  ruby

DEPENDENCIES
  mocha
  rake
  smart_proxy_proxy_wol!
  test-unit

BUNDLED WITH
   1.11.2
